PATH
  remote: .
  specs:
    ensconce (0.0.1)
      faraday

GEM
  remote: http://rubygems.org/
  specs:
    faraday (0.8.6)
      multipart-post (~> 1.1)
    multipart-post (1.2.0)

PLATFORMS
  ruby

DEPENDENCIES
  ensconce!
